GEM
  remote: https://rubygems.org/
  specs:
    coderay (1.1.1)
    faraday (0.12.2)
      multipart-post (>= 1.2, < 3)
    method_source (0.8.2)
    mini_portile2 (2.2.0)
    multipart-post (2.0.0)
    nokogiri (1.8.0)
      mini_portile2 (~> 2.2.0)
    pry (0.10.4)
      coderay (~> 1.1.0)
      method_source (~> 0.8.1)
      slop (~> 3.4)
    slop (3.6.0)

PLATFORMS
  ruby

DEPENDENCIES
  faraday
  nokogiri
  pry

BUNDLED WITH
   1.15.3
